GEM
  remote: https://rubygems.org/
  specs:
    chronic (0.10.2)
    colored (1.2)
    slack-notifier (2.3.2)
    whenever (1.0.0)
      chronic (>= 0.6.3)

PLATFORMS
  ruby

DEPENDENCIES
  colored!
  slack-notifier!
  whenever!

RUBY VERSION
   ruby 2.7.2p137

BUNDLED WITH
   2.1.4
